GIT
  remote: git://github.com/livingsocial/rake-pipeline.git
  revision: 50b8d77b703c96539a433ee53a680c43542aaa75
  specs:
    rake-pipeline (0.8.0)
      json
      rake (~> 0.9.0)
      thor

GIT
  remote: git://github.com/wycats/js_module_transpiler.git
  revision: c9f0ada0f7b7ec654ddec25f4a1fb07bcf41c9f7
  specs:
    js_module_transpiler (0.0.1)
      thor

GIT
  remote: git://github.com/wycats/rake-pipeline-web-filters.git
  revision: e14e78ae70d0d25b1668c5273e80cd05a4ee52e6
  specs:
    rake-pipeline-web-filters (0.6.0)
      rack
      rake-pipeline (~> 0.6)

GEM
  remote: https://rubygems.org/
  specs:
    coderay (1.0.8)
    json (1.7.5)
    method_source (0.8)
    pry (0.9.10)
      coderay (~> 1.0.5)
      method_source (~> 0.8)
      slop (~> 3.3.1)
    rack (1.4.1)
    rake (0.9.6)
    slop (3.3.3)
    thor (0.16.0)

PLATFORMS
  ruby

DEPENDENCIES
  js_module_transpiler!
  pry
  rack
  rake-pipeline!
  rake-pipeline-web-filters!
